GEM
  specs:
    docile (1.3.1)
    json (2.0.2)
    metaclass (0.0.4)
    mocha (1.8.0)
      metaclass (~> 0.0.1)
    simplecov (0.16.1)
      docile (~> 1.1)
      json (>= 1.8, < 3)
      simplecov-html (~> 0.10.0)
    simplecov-html (0.10.2)

PLATFORMS
  ruby

DEPENDENCIES
  mocha
  simplecov

BUNDLED WITH
   2.0.1
